GEM
  remote: https://rubygems.org/
  specs:
    plist (3.4.0)
    ruby-progressbar (1.10.0)
    taglib-ruby (0.7.1)

PLATFORMS
  ruby

DEPENDENCIES
  plist
  ruby-progressbar
  taglib-ruby

BUNDLED WITH
   1.16.3
